GEM
  remote: https://rubygems.org/
  specs:
    asciidoc (0.0.2)

PLATFORMS
  x64-mingw32

DEPENDENCIES
  asciidoc

BUNDLED WITH
   2.2.33
