GEM
  remote: https://rubygems.org/
  specs:
    asciidoctor (2.0.17)
    asciidoctor-diagram (2.2.1)
      asciidoctor (>= 1.5.7, < 3.x)
      asciidoctor-diagram-ditaamini (~> 1.0)
      asciidoctor-diagram-plantuml (~> 1.2021)
      rexml
    asciidoctor-diagram-ditaamini (1.0.1)
    asciidoctor-diagram-plantuml (1.2022.1)
    rexml (3.2.5)
    rouge (3.28.0)

PLATFORMS
  x64-mingw32

DEPENDENCIES
  asciidoctor
  asciidoctor-diagram
  rouge

BUNDLED WITH
   2.2.33
