GEM
  remote: https://rubygems.org/
  specs:
    asciidoctor (2.0.16)

PLATFORMS
  x64-mingw32

DEPENDENCIES
  asciidoctor

BUNDLED WITH
   2.2.33
